PATH
  remote: .
  specs:
    api_roulette (0.0.1)

GEM
  remote: https://rubygems.org/
  specs:
    rake (10.1.0)

PLATFORMS
  ruby

DEPENDENCIES
  api_roulette!
  bundler (~> 1.3)
  rake
